PATH
  remote: .
  specs:
    rtiss_soap4r (3.0.0.beta)
      addressable
      cookiejar (~> 0.3.4)
      httpclient (~> 2.9)
      libxml-ruby (~> 5.0, >= 5.0.3)
      logger-application
      nokogiri (~> 1.16, >= 1.16.2)
      oga (~> 3.4)
      ox (~> 2.14, >= 2.14.22)
      rake
      savon (~> 2.14)
      webrick (~> 1.9, >= 1.9.1)

GEM
  remote: http://rubygems.org/
  specs:
    activesupport (8.0.2)
      base64
      benchmark (>= 0.3)
      bigdecimal
      concurrent-ruby (~> 1.0, >= 1.3.1)
      connection_pool (>= 2.2.5)
      drb
      i18n (>= 1.6, < 2)
      logger (>= 1.4.2)
      minitest (>= 5.1)
      securerandom (>= 0.3)
      tzinfo (~> 2.0, >= 2.0.5)
      uri (>= 0.13.1)
    addressable (2.4.0)
    akami (1.3.3)
      base64
      gyoku (>= 0.4.0)
      nokogiri
    ansi (1.5.0)
    ast (2.4.3)
    awesome_print (1.9.2)
    base64 (0.2.0)
    benchmark (0.4.0)
    bigdecimal (3.1.9)
    builder (3.3.0)
    byebug (12.0.0)
    codeclimate-test-reporter (1.0.9)
      simplecov (<= 0.13)
    coderay (1.1.3)
    concurrent-ruby (1.3.5)
    connection_pool (2.5.0)
    cookiejar (0.3.4)
    date (3.4.1)
    descendants_tracker (0.0.4)
      thread_safe (~> 0.3, >= 0.3.1)
    docile (1.1.5)
    drb (2.2.1)
    faraday (0.9.2)
      multipart-post (>= 1.2, < 3)
    git (1.11.0)
      rchardet (~> 1.8)
    github_api (0.16.0)
      addressable (~> 2.4.0)
      descendants_tracker (~> 0.0.4)
      faraday (~> 0.8, < 0.10)
      hashie (>= 3.4)
      mime-types (>= 1.16, < 3.0)
      oauth2 (~> 1.0)
    gyoku (1.4.0)
      builder (>= 2.1.2)
      rexml (~> 3.0)
    hashie (5.0.0)
    highline (3.1.2)
      reline
    httpclient (2.9.0)
      mutex_m
    httpi (3.0.2)
      base64
      mutex_m
      nkf
      rack (< 3)
    i18n (1.14.7)
      concurrent-ruby (~> 1.0)
    io-console (0.8.0)
    jeweler (2.3.9)
      builder
      bundler
      git (>= 1.2.5)
      github_api (~> 0.16.0)
      highline (>= 1.6.15)
      nokogiri (>= 1.5.10)
      psych
      rake
      rdoc
      semver2
    json (2.10.2)
    jwt (2.10.1)
      base64
    libxml-ruby (5.0.3)
    logger (1.7.0)
    logger-application (0.0.2)
    mail (2.8.1)
      mini_mime (>= 0.1.1)
      net-imap
      net-pop
      net-smtp
    method_source (1.1.0)
    mime-types (2.99.3)
    mini_mime (1.1.5)
    minitest (5.25.4)
    multi_json (1.15.0)
    multi_xml (0.7.1)
      bigdecimal (~> 3.1)
    multipart-post (2.4.1)
    mutex_m (0.3.0)
    net-imap (0.5.6)
      date
      net-protocol
    net-pop (0.1.2)
      net-protocol
    net-protocol (0.2.2)
      timeout
    net-smtp (0.5.1)
      net-protocol
    nkf (0.2.0)
    nokogiri (1.18.7-x86_64-linux-gnu)
      racc (~> 1.4)
    nori (2.7.1)
      bigdecimal
    oauth2 (1.4.8)
      faraday (>= 0.8, < 3.0)
      jwt (>= 1.0, < 3.0)
      multi_json (~> 1.3)
      multi_xml (~> 0.5)
      rack (>= 1.2, < 3)
    oga (3.4)
      ast
      ruby-ll (~> 2.1)
    ox (2.14.22)
      bigdecimal (>= 3.0)
    power_assert (2.0.5)
    pry (0.15.2)
      coderay (~> 1.1)
      method_source (~> 1.0)
    psych (5.2.3)
      date
      stringio
    racc (1.8.1)
    rack (2.2.13)
    rake (13.2.1)
    rchardet (1.9.0)
    rdoc (6.13.1)
      psych (>= 4.0.0)
    reline (0.6.1)
      io-console (~> 0.5)
    rexml (3.4.1)
    ruby-ll (2.1.3)
      ansi
      ast
    savon (2.15.0)
      akami (~> 1.2)
      builder (>= 2.1.2)
      gyoku (~> 1.2)
      httpi (>= 2.4.5, < 5)
      mail (~> 2.5)
      nokogiri (>= 1.8.1)
      nori (~> 2.4)
      wasabi (>= 3.7, < 6)
    securerandom (0.4.1)
    semver2 (3.4.2)
    shoulda (4.0.0)
      shoulda-context (~> 2.0)
      shoulda-matchers (~> 4.0)
    shoulda-context (2.0.0)
    shoulda-matchers (4.5.1)
      activesupport (>= 4.2.0)
    simplecov (0.13.0)
      docile (~> 1.1.0)
      json (>= 1.8, < 3)
      simplecov-html (~> 0.10.0)
    simplecov-html (0.10.2)
    stringio (3.1.6)
    test-unit (3.6.8)
      power_assert
    thread_safe (0.3.6)
    timeout (0.4.3)
    tzinfo (2.0.6)
      concurrent-ruby (~> 1.0)
    uri (1.0.3)
    wasabi (4.0.0)
      addressable
      httpi (~> 3.0)
      nokogiri (>= 1.13.9)
    webrick (1.9.1)

PLATFORMS
  x86_64-linux

DEPENDENCIES
  addressable
  awesome_print
  byebug
  codeclimate-test-reporter
  cookiejar (~> 0.3.4)
  httpclient (~> 2.9)
  jeweler (~> 2.3, >= 2.3.9)
  libxml-ruby (~> 5.0, >= 5.0.3)
  logger-application
  minitest (= 5.25.4)
  nokogiri (~> 1.16, >= 1.16.2)
  oga (~> 3.4)
  ox (~> 2.14, >= 2.14.22)
  pry
  rake
  rtiss_soap4r!
  savon (~> 2.14)
  shoulda
  test-unit
  webrick (~> 1.9, >= 1.9.1)

BUNDLED WITH
   2.4.22
